PATH
  remote: .
  specs:
    motion-prime (1.0.7)
      activesupport (~> 3.2.19)
      afmotion (~> 2.1.0)
      bubble-wrap (~> 1.6.0)
      cocoapods
      methadone
      motion-cocoapods
      motion-require
      motion-support (~> 0.2.6)
      rake
      rm-digest
      sugarcube (~> 1.6.0)
      thor

GEM
  remote: http://rubygems.org/
  specs:
    activesupport (3.2.21)
      i18n (~> 0.6, >= 0.6.4)
      multi_json (~> 1.0)
    afmotion (2.1.5)
      motion-cocoapods (>= 1.4.1)
      motion-require (>= 0.1)
    bubble-wrap (1.6.0)
      bubble-wrap-http (= 1.6.0)
    bubble-wrap-http (1.6.0)
    claide (0.7.0)
    cocoapods (0.35.0)
      activesupport (>= 3.2.15)
      claide (~> 0.7.0)
      cocoapods-core (= 0.35.0)
      cocoapods-downloader (~> 0.8.0)
      cocoapods-plugins (~> 0.3.1)
      cocoapods-trunk (~> 0.4.1)
      cocoapods-try (~> 0.4.2)
      colored (~> 1.2)
      escape (~> 0.0.4)
      molinillo (~> 0.1.2)
      nap (~> 0.8)
      open4 (~> 1.3)
      xcodeproj (~> 0.20.2)
    cocoapods-core (0.35.0)
      activesupport (>= 3.2.15)
      fuzzy_match (~> 2.0.4)
      nap (~> 0.8.0)
    cocoapods-downloader (0.8.1)
    cocoapods-plugins (0.3.2)
      nap
    cocoapods-trunk (0.4.1)
      nap (>= 0.8)
      netrc (= 0.7.8)
    cocoapods-try (0.4.3)
    colored (1.2)
    escape (0.0.4)
    fuzzy_match (2.0.4)
    i18n (0.7.0)
    methadone (1.8.0)
      bundler
    molinillo (0.1.2)
    motion-cocoapods (1.7.0)
      cocoapods (>= 0.34)
    motion-redgreen (0.1.0)
    motion-require (0.2.0)
    motion-stump (0.3.2)
    motion-support (0.2.6)
      motion-require (>= 0.0.6)
    multi_json (1.10.1)
    nap (0.8.0)
    netrc (0.7.8)
    open4 (1.3.4)
    rake (10.4.2)
    rm-digest (0.0.2)
    sugarcube (1.6.3)
    thor (0.19.1)
    xcodeproj (0.20.2)
      activesupport (>= 3)
      colored (~> 1.2)

PLATFORMS
  ruby

DEPENDENCIES
  motion-cocoapods
  motion-prime!
  motion-redgreen
  motion-stump
